GEM
  remote: http://rubygems.org/
  specs:
    active_support (3.0.0)
      activesupport (= 3.0.0)
    activesupport (3.0.0)
    amqp (0.7.1)
      eventmachine (>= 0.12.4)
    bson (1.3.1)
    bson_ext (1.3.1)
    em-mongo (0.3.5)
      bson (>= 1.1.3)
      bson_ext (>= 1.1.3)
      eventmachine (>= 0.12.10)
    eventmachine (0.12.10)
    i18n (0.6.0)

PLATFORMS
  ruby

DEPENDENCIES
  active_support
  amqp
  bson_ext
  em-mongo
  i18n
